GEM
  remote: https://rubygems.org/
  specs:
  activemodel (4.2.5)
     activesupport (= 4.2.5)
     builder (~> 3.1)
   activerecord (4.2.5)
     activemodel (= 4.2.5)
     activesupport (= 4.2.5)
     arel (~> 6.0)
   activesupport (4.2.5)
     i18n (~> 0.7)
     json (~> 1.7, >= 1.7.7)
     minitest (~> 5.1)
     thread_safe (~> 0.3, >= 0.3.4)
     tzinfo (~> 1.1)
    coderay (1.1.2)
    daemons (1.3.1)
    eventmachine (1.2.7)
    method_source (0.9.2)
    mustermann (1.0.3)
    pry (0.12.2)
      coderay (~> 1.1.0)
      method_source (~> 0.9.0)
    rack (2.0.7)
    rack-protection (2.0.5)
      rack
    require_all (2.0.0)
    shotgun (0.9.2)
      rack (>= 1.0)
    sinatra (2.0.5)
      mustermann (~> 1.0)
      rack (~> 2.0)
      rack-protection (= 2.0.5)
      tilt (~> 2.0)
    thin (1.7.2)
      daemons (~> 1.0, >= 1.0.9)
      eventmachine (~> 1.0, >= 1.0.4)
      rack (>= 1, < 3)
    tilt (2.0.9)

PLATFORMS
  ruby

DEPENDENCIES
  pry
  require_all
  shotgun
  sinatra
  thin

BUNDLED WITH
   2.0.1
